GEM
  remote: https://rubygems.org/
  specs:
    base64 (0.2.0)
    connection_pool (2.4.1)
    diff-lcs (1.5.1)
    fakeredis (0.1.4)
    logger (1.6.1)
    redis (5.3.0)
      redis-client (>= 0.22.0)
    redis-client (0.22.2)
      connection_pool
    rexml (3.3.7)
    rspec (3.13.0)
      rspec-core (~> 3.13.0)
      rspec-expectations (~> 3.13.0)
      rspec-mocks (~> 3.13.0)
    rspec-core (3.13.1)
      rspec-support (~> 3.13.0)
    rspec-expectations (3.13.2)
      diff-lcs (>= 1.2.0, < 2.0)
      rspec-support (~> 3.13.0)
    rspec-mocks (3.13.1)
      diff-lcs (>= 1.2.0, < 2.0)
      rspec-support (~> 3.13.0)
    rspec-support (3.13.1)
    rubyzip (2.3.2)
    selenium-webdriver (4.24.0)
      base64 (~> 0.2)
      logger (~> 1.4)
      rexml (~> 3.2, >= 3.2.5)
      rubyzip (>= 1.2.2, < 3.0)
      websocket (~> 1.0)
    websocket (1.2.11)

PLATFORMS
  x86_64-linux

DEPENDENCIES
  fakeredis
  redis (~> 5.3.0)
  rspec
  selenium-webdriver

RUBY VERSION
   ruby 3.1.0p0

BUNDLED WITH
   2.3.3
